GEM
  remote: http://rubygems.org/
  specs:
    faraday (0.16.2)
      multipart-post (>= 1.2, < 3)
    jwt (2.2.1)
    mini_portile2 (2.4.0)
    multipart-post (2.1.1)
    nokogiri (1.10.4)
      mini_portile2 (~> 2.4.0)
    rack (1.5.2)
    rack-protection (1.5.3)
      rack
    sinatra (1.4.5)
      rack (~> 1.4)
      rack-protection (~> 1.4)
      tilt (~> 1.3, >= 1.3.4)
    tilt (1.4.1)
    twilio-ruby (5.27.1)
      faraday (~> 0.9)
      jwt (>= 1.5, <= 2.5)
      nokogiri (>= 1.6, < 2.0)

PLATFORMS
  ruby

DEPENDENCIES
  sinatra
  twilio-ruby
